{
	"Modality": "MR",
	"MagneticFieldStrength": 3,
	"ImagingFrequency": 123.256,
	"Manufacturer": "Siemens",
	"ManufacturersModelName": "Prisma_fit",
	"InstitutionName": "Palmetto_Health_Richland",
	"InstitutionalDepartmentName": "Radiology",
	"InstitutionAddress": "Medical_Center_Dr_5_Columbia_SC_US_29203",
	"DeviceSerialNumber": "67060",
	"StationName": "MRC35131",
	"BodyPartExamined": "BRAIN",
	"PatientPosition": "HFS",
	"ProcedureStepDescription": "Julius_Fridriksson_Prisma_Julius_Fridriksson_Prisma",
	"SoftwareVersions": "syngo_MR_E11",
	"MRAcquisitionType": "3D",
	"SeriesDescription": "T1_mprage_ns_sag_p2_iso_1mm_192",
	"TaskName": "T1_mprage_ns_sag_p2_iso_1mm_192",
	"ScanningSequence": "GR_IR",
	"SequenceVariant": "SK_SP_MP",
	"ScanOptions": "IR",
	"SequenceName": "_tfl3d1_16ns",
	"ImageType": ["ORIGINAL", "PRIMARY", "M", "ND", "NORM"],
	"SeriesNumber": 7,
	"AcquisitionNumber": 1,
	"SliceThickness": 1,
	"SAR": 0.0698162,
	"EchoTime": 0.00411,
	"RepetitionTime": 2.25,
	"InversionTime": 0.925,
	"FlipAngle": 9,
	"PartialFourier": 1,
	"BaseResolution": 256,
	"TxRefAmp": 252.887,
	"PhaseResolution": 1,
	"ReceiveCoilName": "HeadNeck_20",
	"ReceiveCoilActiveElements": "HE1-4;NE1,2",
	"CoilString": "HE1-4;NE1_2",
	"PulseSequenceDetails": "%SiemensSeq%_tfl",
	"RefLinesPE": 80,
	"ConsistencyInfo": "N4_VE11C_LATEST_20160120",
	"PercentPhaseFOV": 100,
	"PercentSampling": 100,
	"PhaseEncodingSteps": 255,
	"AcquisitionMatrixPE": 256,
	"ReconMatrixPE": 256,
	"ParallelReductionFactorInPlane": 2,
	"PixelBandwidth": 150,
	"DwellTime": 1.3e-05,
	"InPlanePhaseEncodingDirectionDICOM": "ROW",
	"ConversionSoftware": "dcm2niix",
	"ConversionSoftwareVersion": "v1.0.20200331"
}
