{
	"Modality": "MR",
	"MagneticFieldStrength": 3,
	"ImagingFrequency": 123.256,
	"Manufacturer": "Siemens",
	"ManufacturersModelName": "Prisma_fit",
	"InstitutionName": "Prisma_Health_Richland_Hospital",
	"InstitutionalDepartmentName": "Radiology",
	"InstitutionAddress": "Medical_Center_Dr_5_Columbia_SC_US_29203",
	"DeviceSerialNumber": "67060",
	"StationName": "MRC35131",
	"BodyPartExamined": "BRAIN",
	"PatientPosition": "HFS",
	"ProcedureStepDescription": "Julius_Fridriksson_Prisma_Julius_Fridriksson_Prisma",
	"SoftwareVersions": "syngo_MR_E11",
	"MRAcquisitionType": "2D",
	"SeriesDescription": "Rest_fMRI_AP",
	"TaskName": "Rest_fMRI_AP",
	"ScanningSequence": "EP",
	"SequenceVariant": "SK_SS",
	"ScanOptions": "FS",
	"SequenceName": "epfid2d1_90",
	"ImageType": ["ORIGINAL", "PRIMARY", "M", "MB", "ND", "MOSAIC"],
	"SeriesNumber": 6,
	"AcquisitionNumber": 1,
	"ImageComments": "Unaliased_MB2_PE4",
	"SliceThickness": 2,
	"SpacingBetweenSlices": 2.4,
	"SAR": 0.0630287,
	"EchoTime": 0.035,
	"RepetitionTime": 1.65,
	"FlipAngle": 72,
	"PartialFourier": 1,
	"BaseResolution": 90,
	"TxRefAmp": 247.944,
	"PhaseResolution": 1,
	"ReceiveCoilName": "HeadNeck_20",
	"ReceiveCoilActiveElements": "HE1-4",
	"PulseSequenceDetails": "%CustomerSeq%_cmrr_mbep2d_bold",
	"WipMemBlock": "ef302f78-0912-489c-99ad-f5b57d041617||Sequence: R016 ve11c/master r/e634e98; Dec 19 2017 11:00:25 by eja",
	"RefLinesPE": 44,
	"ConsistencyInfo": "N4_VE11C_LATEST_20160120",
	"MultibandAccelerationFactor": 2,
	"PercentPhaseFOV": 100,
	"PercentSampling": 100,
	"EchoTrainLength": 45,
	"PhaseEncodingSteps": 90,
	"AcquisitionMatrixPE": 90,
	"ReconMatrixPE": 90,
	"BandwidthPerPixelPhaseEncode": 41.929,
	"ParallelReductionFactorInPlane": 2,
	"EffectiveEchoSpacing": 0.000264998,
	"DerivedVendorReportedEchoSpacing": 0.000529996,
	"TotalReadoutTime": 0.0235848,
	"PixelBandwidth": 2220,
	"DwellTime": 2.5e-06,
	"PhaseEncodingDirection": "j-",
	"SliceTiming": [
		0,
		0.8475,
		0.065,
		0.9125,
		0.13,
		0.9775,
		0.195,
		1.0425,
		0.2625,
		1.11,
		0.3275,
		1.175,
		0.3925,
		1.24,
		0.4575,
		1.305,
		0.5225,
		1.37,
		0.5875,
		1.435,
		0.6525,
		1.5,
		0.7175,
		1.565,
		0.7825,
		0,
		0.8475,
		0.065,
		0.9125,
		0.13,
		0.9775,
		0.195,
		1.0425,
		0.2625,
		1.11,
		0.3275,
		1.175,
		0.3925,
		1.24,
		0.4575,
		1.305,
		0.5225,
		1.37,
		0.5875,
		1.435,
		0.6525,
		1.5,
		0.7175,
		1.565,
		0.7825	],
	"InPlanePhaseEncodingDirectionDICOM": "COL",
	"ConversionSoftware": "dcm2niix",
	"ConversionSoftwareVersion": "v1.0.20200331"
}
