{
	"Modality": "MR",
	"MagneticFieldStrength": 3,
	"ImagingFrequency": 123.256,
	"Manufacturer": "Siemens",
	"ManufacturersModelName": "Prisma_fit",
	"InstitutionName": "Prisma_Health_Richland_Hospital",
	"InstitutionalDepartmentName": "Radiology",
	"InstitutionAddress": "Medical_Center_Dr_5_Columbia_SC_US_29203",
	"DeviceSerialNumber": "67060",
	"StationName": "MRC35131",
	"BodyPartExamined": "BRAIN",
	"PatientPosition": "HFS",
	"ProcedureStepDescription": "Julius_Fridriksson_Prisma_Julius_Fridriksson_Prisma",
	"SoftwareVersions": "syngo_MR_E11",
	"MRAcquisitionType": "2D",
	"SeriesDescription": "DTI_dir42_AP",
	"TaskName": "DTI_dir42_AP",
	"ScanningSequence": "EP",
	"SequenceVariant": "SK_SS",
	"ScanOptions": "PFP",
	"SequenceName": "ep_b5#1",
	"ImageType": ["ORIGINAL", "PRIMARY", "DIFFUSION", "NONE", "MB", "ND", "MOSAIC"],
	"SeriesNumber": 9,
	"AcquisitionNumber": 1,
	"ImageComments": "Unaliased_MB2_PE2_SENSE1",
	"SliceThickness": 1.5,
	"SpacingBetweenSlices": 1.5,
	"SAR": 0.113344,
	"EchoTime": 0.08,
	"RepetitionTime": 5.25,
	"FlipAngle": 90,
	"PartialFourier": 0.75,
	"BaseResolution": 140,
	"DiffusionScheme": "Monopolar",
	"TxRefAmp": 247.944,
	"PhaseResolution": 1,
	"ReceiveCoilName": "HeadNeck_20",
	"ReceiveCoilActiveElements": "HE1-4",
	"PulseSequenceDetails": "%CustomerSeq%_cmrr_mbep2d_diff",
	"WipMemBlock": "bc4081ec-c517-4828-97f2-959d285d67cb||Sequence: R016 ve11c/master r/e634e98; Dec 19 2017 11:11:25 by eja",
	"ConsistencyInfo": "N4_VE11C_LATEST_20160120",
	"MultibandAccelerationFactor": 2,
	"PercentPhaseFOV": 100,
	"PercentSampling": 100,
	"EchoTrainLength": 105,
	"PhaseEncodingSteps": 105,
	"AcquisitionMatrixPE": 140,
	"ReconMatrixPE": 140,
	"BandwidthPerPixelPhaseEncode": 10.204,
	"EffectiveEchoSpacing": 0.000700006,
	"DerivedVendorReportedEchoSpacing": 0.000700006,
	"TotalReadoutTime": 0.0973008,
	"PixelBandwidth": 1785,
	"DwellTime": 2e-06,
	"PhaseEncodingDirection": "j-",
	"SliceTiming": [
		0,
		2.485,
		4.9675,
		2.2225,
		4.7075,
		1.9625,
		4.445,
		1.7,
		4.185,
		1.4375,
		3.9225,
		1.1775,
		3.66,
		0.915,
		3.4,
		0.655,
		3.1375,
		0.3925,
		2.8775,
		0.13,
		2.615,
		5.1,
		2.3525,
		4.8375,
		2.0925,
		4.575,
		1.83,
		4.315,
		1.57,
		4.0525,
		1.3075,
		3.7925,
		1.045,
		3.53,
		0.785,
		3.27,
		0.5225,
		3.0075,
		0.2625,
		2.745,
		0,
		2.485,
		4.9675,
		2.2225,
		4.7075,
		1.9625,
		4.445,
		1.7,
		4.185,
		1.4375,
		3.9225,
		1.1775,
		3.66,
		0.915,
		3.4,
		0.655,
		3.1375,
		0.3925,
		2.8775,
		0.13,
		2.615,
		5.1,
		2.3525,
		4.8375,
		2.0925,
		4.575,
		1.83,
		4.315,
		1.57,
		4.0525,
		1.3075,
		3.7925,
		1.045,
		3.53,
		0.785,
		3.27,
		0.5225,
		3.0075,
		0.2625,
		2.745	],
	"InPlanePhaseEncodingDirectionDICOM": "COL",
	"ConversionSoftware": "dcm2niix",
	"ConversionSoftwareVersion": "v1.0.20200331"
}
